GIT
  remote: https://github.com/wvanbergen/oily_png.git
  revision: 5b56e30124ae523a908fa07f806f3e887e550613
  specs:
    oily_png (1.1.1)
      chunky_png (~> 1.3.1)

GEM
  remote: https://rubygems.org/
  specs:
    chunky_png (1.3.1)

PLATFORMS
  ruby

DEPENDENCIES
  oily_png!
